GEM
  remote: https://rubygems.org/
  specs:
    actionmailer (3.2.11)
      actionpack (= 3.2.11)
      mail (~> 2.4.4)
    actionpack (3.2.11)
      activemodel (= 3.2.11)
      activesupport (= 3.2.11)
      builder (~> 3.0.0)
      erubis (~> 2.7.0)
      journey (~> 1.0.4)
      rack (~> 1.4.0)
      rack-cache (~> 1.2)
      rack-test (~> 0.6.1)
      sprockets (~> 2.2.1)
    activeadmin (0.5.1)
      arbre (>= 1.0.1)
      bourbon (>= 1.0.0)
      devise (>= 1.1.2)
      fastercsv
      formtastic (>= 2.0.0)
      inherited_resources (>= 1.3.1)
      jquery-rails (>= 1.0.0)
      kaminari (>= 0.13.0)
      meta_search (>= 0.9.2)
      rails (>= 3.0.0)
      sass (>= 3.1.0)
    activemodel (3.2.11)
      activesupport (= 3.2.11)
      builder (~> 3.0.0)
    activerecord (3.2.11)
      activemodel (= 3.2.11)
      activesupport (= 3.2.11)
      arel (~> 3.0.2)
      tzinfo (~> 0.3.29)
    activeresource (3.2.11)
      activemodel (= 3.2.11)
      activesupport (= 3.2.11)
    activesupport (3.2.11)
      i18n (~> 0.6)
      multi_json (~> 1.0)
    addressable (2.2.8)
    ansi (1.4.3)
    arbre (1.0.1)
      activesupport (>= 3.0.0)
    arel (3.0.2)
    bcrypt-ruby (3.0.1)
    better_errors (0.7.2)
      coderay (>= 1.0.0)
      erubis (>= 2.6.6)
    binding_of_caller (0.7.1)
      debug_inspector (>= 0.0.1)
    bourbon (3.1.1)
      sass (>= 3.2.0)
      thor
    brakeman (1.9.3)
      erubis (~> 2.6)
      fastercsv (~> 1.5)
      haml (>= 3.0, < 5.0)
      highline (~> 1.6)
      multi_json (~> 1.2)
      ruby2ruby (~> 2.0)
      ruby_parser (~> 3.1.1)
      sass (~> 3.0)
      slim (~> 1.3.6)
      terminal-table (~> 1.4)
    builder (3.0.4)
    bullet (4.4.0)
      uniform_notifier
    capistrano (2.14.2)
      highline
      net-scp (>= 1.0.0)
      net-sftp (>= 2.0.0)
      net-ssh (>= 2.0.14)
      net-ssh-gateway (>= 1.1.0)
    capybara (2.0.2)
      mime-types (>= 1.16)
      nokogiri (>= 1.3.3)
      rack (>= 1.0.0)
      rack-test (>= 0.5.4)
      selenium-webdriver (~> 2.0)
      xpath (~> 1.0.0)
    carrierwave (0.8.0)
      activemodel (>= 3.2.0)
      activesupport (>= 3.2.0)
    childprocess (0.3.9)
      ffi (~> 1.0, >= 1.0.11)
    coderay (1.0.9)
    coffee-rails (3.2.2)
      coffee-script (>= 2.2.0)
      railties (~> 3.2.0)
    coffee-script (2.2.0)
      coffee-script-source
      execjs
    coffee-script-source (1.6.1)
    commonjs (0.2.6)
    daemons (1.1.9)
    database_cleaner (0.7.0)
    debug_inspector (0.0.2)
    devise (2.2.3)
      bcrypt-ruby (~> 3.0)
      orm_adapter (~> 0.1)
      railties (~> 3.1)
      warden (~> 1.2.1)
    diff-lcs (1.2.1)
    erubis (2.7.0)
    eventmachine (1.0.3)
    execjs (1.4.0)
      multi_json (~> 1.0)
    factory_girl (2.3.2)
      activesupport
    factory_girl_rails (1.4.0)
      factory_girl (~> 2.3.0)
      railties (>= 3.0.0)
    faker (1.1.2)
      i18n (~> 0.5)
    fastercsv (1.5.5)
    ffi (1.4.0)
    formtastic (2.2.1)
      actionpack (>= 3.0)
    geocoder (1.1.6)
    guard (1.6.2)
      listen (>= 0.6.0)
      lumberjack (>= 1.0.2)
      pry (>= 0.9.10)
      terminal-table (>= 1.4.3)
      thor (>= 0.14.6)
    guard-rspec (2.5.0)
      guard (>= 1.1)
      rspec (~> 2.11)
    guard-spork (0.3.2)
      guard (>= 0.8.4)
      spork (>= 0.8.4)
    haml (4.0.0)
      tilt
    has_scope (0.5.1)
    highline (1.6.15)
    hike (1.2.1)
    i18n (0.6.4)
    inherited_resources (1.3.1)
      has_scope (~> 0.5.0)
      responders (~> 0.6)
    journey (1.0.4)
    jquery-rails (2.2.1)
      railties (>= 3.0, < 5.0)
      thor (>= 0.14, < 2.0)
    jquery-ui-rails (4.0.2)
      jquery-rails
      railties (>= 3.1.0)
    json (1.7.7)
    kaminari (0.14.1)
      actionpack (>= 3.0.0)
      activesupport (>= 3.0.0)
    launchy (2.1.0)
      addressable (~> 2.2.6)
    less (2.3.1)
      commonjs (~> 0.2.6)
    less-rails (2.3.2)
      actionpack (>= 3.1)
      less (~> 2.3.1)
    libv8 (3.11.8.13)
    listen (0.7.3)
    lumberjack (1.0.2)
    mail (2.4.4)
      i18n (>= 0.4.0)
      mime-types (~> 1.16)
      treetop (~> 1.4.8)
    meta_request (0.2.2)
      rack-contrib
      railties
    meta_search (1.1.3)
      actionpack (~> 3.1)
      activerecord (~> 3.1)
      activesupport (~> 3.1)
      polyamorous (~> 0.5.0)
    method_source (0.8.1)
    mime-types (1.21)
    mobylette (3.3.2)
      actionpack (>= 3.0)
    multi_json (1.6.1)
    net-scp (1.1.0)
      net-ssh (>= 2.6.5)
    net-sftp (2.1.1)
      net-ssh (>= 2.6.5)
    net-ssh (2.6.6)
    net-ssh-gateway (1.2.0)
      net-ssh (>= 2.6.5)
    newrelic_rpm (3.5.8.72)
    nokogiri (1.5.6)
    orm_adapter (0.4.0)
    pg (0.14.1)
    polyamorous (0.5.0)
      activerecord (~> 3.0)
    polyglot (0.3.3)
    pry (0.9.12)
      coderay (~> 1.0.5)
      method_source (~> 0.8)
      slop (~> 3.4)
    rack (1.4.5)
    rack-cache (1.2)
      rack (>= 0.4)
    rack-contrib (1.1.0)
      rack (>= 0.9.1)
    rack-ssl (1.3.3)
      rack
    rack-test (0.6.2)
      rack (>= 1.0)
    rails (3.2.11)
      actionmailer (= 3.2.11)
      actionpack (= 3.2.11)
      activerecord (= 3.2.11)
      activeresource (= 3.2.11)
      activesupport (= 3.2.11)
      bundler (~> 1.0)
      railties (= 3.2.11)
    railties (3.2.11)
      actionpack (= 3.2.11)
      activesupport (= 3.2.11)
      rack-ssl (~> 1.3.2)
      rake (>= 0.8.7)
      rdoc (~> 3.4)
      thor (>= 0.14.6, < 2.0)
    rake (10.0.3)
    rb-fsevent (0.9.3)
    rdoc (3.12.2)
      json (~> 1.4)
    redcarpet (1.17.2)
    ref (1.0.2)
    responders (0.9.3)
      railties (~> 3.1)
    rmagick (2.13.2)
    rspec (2.13.0)
      rspec-core (~> 2.13.0)
      rspec-expectations (~> 2.13.0)
      rspec-mocks (~> 2.13.0)
    rspec-core (2.13.1)
    rspec-expectations (2.13.0)
      diff-lcs (>= 1.1.3, < 2.0)
    rspec-mocks (2.13.0)
    rspec-rails (2.13.0)
      actionpack (>= 3.0)
      activesupport (>= 3.0)
      railties (>= 3.0)
      rspec-core (~> 2.13.0)
      rspec-expectations (~> 2.13.0)
      rspec-mocks (~> 2.13.0)
    ruby2ruby (2.0.3)
      ruby_parser (~> 3.1)
      sexp_processor (~> 4.0)
    ruby_parser (3.1.1)
      sexp_processor (~> 4.1)
    rubyzip (0.9.9)
    sass (3.2.7)
    sass-rails (3.2.6)
      railties (~> 3.2.0)
      sass (>= 3.1.10)
      tilt (~> 1.3)
    selenium-webdriver (2.31.0)
      childprocess (>= 0.2.5)
      multi_json (~> 1.0)
      rubyzip
      websocket (~> 1.0.4)
    sexp_processor (4.1.5)
    slim (1.3.6)
      temple (~> 0.5.5)
      tilt (~> 1.3.3)
    slop (3.4.4)
    spork (0.9.0)
    sprockets (2.2.2)
      hike (~> 1.2)
      multi_json (~> 1.0)
      rack (~> 1.0)
      tilt (~> 1.1, != 1.3.0)
    sqlite3 (1.3.7)
    temple (0.5.5)
    terminal-table (1.4.5)
    therubyracer (0.11.4)
      libv8 (~> 3.11.8.12)
      ref
    thin (1.5.0)
      daemons (>= 1.0.9)
      eventmachine (>= 0.12.6)
      rack (>= 1.0.0)
    thor (0.17.0)
    tilt (1.3.5)
    treetop (1.4.12)
      polyglot
      polyglot (>= 0.3.1)
    turbolinks (1.0.0)
      coffee-rails
    turn (0.9.6)
      ansi
    twitter-bootstrap-rails (2.2.6)
      actionpack (>= 3.1)
      execjs
      railties (>= 3.1)
    tzinfo (0.3.37)
    uglifier (1.3.0)
      execjs (>= 0.3.0)
      multi_json (~> 1.0, >= 1.0.2)
    uniform_notifier (1.2.0)
    warden (1.2.1)
      rack (>= 1.0)
    websocket (1.0.7)
    wicked (0.5.0)
      activesupport (>= 3.0.7)
      rails (>= 3.0.7)
    xpath (1.0.0)
      nokogiri (~> 1.3)

PLATFORMS
  ruby

DEPENDENCIES
  activeadmin
  better_errors
  binding_of_caller
  brakeman
  bullet
  capistrano
  capybara
  carrierwave
  coffee-rails (~> 3.2.1)
  database_cleaner (= 0.7.0)
  devise
  factory_girl_rails (= 1.4.0)
  faker
  geocoder
  guard-rspec
  guard-spork (= 0.3.2)
  jquery-rails
  jquery-ui-rails
  launchy (= 2.1.0)
  less-rails
  libv8 (= 3.11.8.13)
  meta_request
  mobylette
  newrelic_rpm
  pg
  rails (= 3.2.11)
  rb-fsevent
  redcarpet
  rmagick
  rspec-rails (>= 2.12.0)
  sass-rails (~> 3.2.3)
  spork (= 0.9.0)
  sqlite3
  therubyracer
  thin
  turbolinks
  turn
  twitter-bootstrap-rails
  uglifier (>= 1.0.3)
  wicked
